PATH
  remote: .
  specs:
    avtq_highrise (1.1.1)
      activeresource

GEM
  remote: http://rubygems.org/
  specs:
    activemodel (3.1.3)
      activesupport (= 3.1.3)
      builder (~> 3.0.0)
      i18n (~> 0.6)
    activeresource (3.1.3)
      activemodel (= 3.1.3)
      activesupport (= 3.1.3)
    activesupport (3.1.3)
      multi_json (~> 1.0)
    builder (3.0.0)
    colorize (0.5.8)
    i18n (0.6.0)
    minitest (2.10.0)
    multi_json (1.0.4)
    rake (0.9.2.2)

PLATFORMS
  ruby

DEPENDENCIES
  avtq_highrise!
  colorize
  minitest
  rake
